GEM
  remote: https://rubygems.org/
  specs:
    org-ruby (0.9.12)
      rubypants (~> 0.2)
    rubypants (0.6.0)
    rubyzip (1.2.1)
    trackler (2.1.0.10)
      org-ruby (~> 0.9.0)
      rubyzip (~> 1.1)

PLATFORMS
  ruby

DEPENDENCIES
  trackler

BUNDLED WITH
   1.14.6
